GEM
  remote: https://rubygems.org/
  specs:
    activemodel (7.0.6)
      activesupport (= 7.0.6)
    activerecord (7.0.6)
      activemodel (= 7.0.6)
      activesupport (= 7.0.6)
    activesupport (7.0.6)
      concurrent-ruby (~> 1.0, >= 1.0.2)
      i18n (>= 1.6, < 2)
      minitest (>= 5.1)
      tzinfo (~> 2.0)
    concurrent-ruby (1.2.2)
    dotenv (2.8.1)
    faraday (2.7.10)
      faraday-net_http (>= 2.0, < 3.1)
      ruby2_keywords (>= 0.0.4)
    faraday-multipart (1.0.4)
      multipart-post (~> 2)
    faraday-net_http (3.0.2)
    i18n (1.14.1)
      concurrent-ruby (~> 1.0)
    minitest (5.19.0)
    multipart-post (2.3.0)
    neighbor (0.3.0)
      activerecord (>= 6.1)
    pg (1.5.3)
    ruby-openai (4.2.0)
      faraday (>= 1)
      faraday-multipart (>= 1)
    ruby2_keywords (0.0.5)
    tzinfo (2.0.6)
      concurrent-ruby (~> 1.0)

PLATFORMS
  x86_64-darwin-22

DEPENDENCIES
  activerecord
  dotenv
  neighbor
  pg
  ruby-openai

BUNDLED WITH
   2.4.14
